GIT
  remote: git://github.com/amuino/twitter-stream.git
  revision: fd19d5aebcf7379188c5cec4c87d0121acc7dc7f
  specs:
    twitter-stream (0.1.14)
      eventmachine (>= 0.12.8)
      http_parser.rb (~> 0.5.1)
      simple_oauth (~> 0.1.4)

GEM
  remote: https://rubygems.org/
  specs:
    eventmachine (1.0.3)
    faraday (0.8.7)
      multipart-post (~> 1.1)
    hipchat-api (1.0.5)
      httparty
    http_parser.rb (0.5.3)
    httparty (0.11.0)
      multi_json (~> 1.0)
      multi_xml (>= 0.5.2)
    json (1.8.0)
    multi_json (1.7.3)
    multi_xml (0.5.3)
    multipart-post (1.2.0)
    rake (10.0.4)
    simple_oauth (0.1.9)
    twitter (4.4.0)
      faraday (~> 0.8)
      multi_json (~> 1.3)
      simple_oauth (~> 0.1.6)

PLATFORMS
  ruby

DEPENDENCIES
  hipchat-api
  json
  rake
  twitter
  twitter-stream!
